GEM
  remote: https://rubygems.org/
  specs:
    mustermann (2.0.2)
      ruby2_keywords (~> 0.0.1)
    nio4r (2.5.8)
    nokogiri (1.13.8-x86_64-darwin)
      racc (~> 1.4)
    nokogiri (1.13.8-x86_64-linux)
      racc (~> 1.4)
    pg (1.4.3)
    puma (5.6.4)
      nio4r (~> 2.0)
    racc (1.6.0)
    rack (2.2.4)
    rack-protection (2.2.2)
      rack
    rake (13.0.6)
    rexml (3.2.5)
    rss (0.2.9)
      rexml
    ruby2_keywords (0.0.5)
    sequel (5.59.0)
    sinatra (2.2.2)
      mustermann (~> 2.0)
      rack (~> 2.2)
      rack-protection (= 2.2.2)
      tilt (~> 2.0)
    tilt (2.0.11)

PLATFORMS
  x86_64-darwin-20
  x86_64-linux

DEPENDENCIES
  nokogiri (~> 1.13)
  pg (~> 1.4)
  puma (~> 5.6)
  rake (~> 13.0)
  rss (~> 0.2.9)
  sequel (~> 5.59)
  sinatra (~> 2.2)

RUBY VERSION
   ruby 3.0.4p208

BUNDLED WITH
   2.3.12
