GEM
  remote: https://rubygems.org/
  specs:
    chronic (0.10.2)
    concurrent-ruby (1.1.10)
    crass (1.0.6)
    dry-container (0.10.1)
      concurrent-ruby (~> 1.0)
    dry-core (0.8.1)
      concurrent-ruby (~> 1.0)
    dry-inflector (0.3.0)
    dry-logic (1.2.0)
      concurrent-ruby (~> 1.0)
      dry-core (~> 0.5, >= 0.5)
    dry-struct (1.4.0)
      dry-core (~> 0.5, >= 0.5)
      dry-types (~> 1.5)
      ice_nine (~> 0.11)
    dry-types (1.5.1)
      concurrent-ruby (~> 1.0)
      dry-container (~> 0.3)
      dry-core (~> 0.5, >= 0.5)
      dry-inflector (~> 0.1, >= 0.1.2)
      dry-logic (~> 1.0, >= 1.0.2)
    feedjira (3.2.2)
      loofah (>= 2.3.1)
      sax-machine (>= 1.0)
    httparty (0.20.0)
      mime-types (~> 3.0)
      multi_xml (>= 0.5.2)
    ice_nine (0.11.2)
    loofah (2.19.0)
      crass (~> 1.0.2)
      nokogiri (>= 1.5.9)
    mime-types (3.4.1)
      mime-types-data (~> 3.2015)
    mime-types-data (3.2022.0105)
    multi_xml (0.6.0)
    mustermann (2.0.2)
      ruby2_keywords (~> 0.0.1)
    nio4r (2.5.8)
    nokogiri (1.13.8-aarch64-linux)
      racc (~> 1.4)
    nokogiri (1.13.8-x86_64-darwin)
      racc (~> 1.4)
    nokogiri (1.13.8-x86_64-linux)
      racc (~> 1.4)
    puma (5.6.4)
      nio4r (~> 2.0)
    racc (1.6.0)
    rack (2.2.4)
    rack-protection (2.2.2)
      rack
    rackup (1.0.0)
      rack (< 3)
      webrick
    rake (13.0.6)
    rexml (3.2.5)
    rss (0.2.9)
      rexml
    ruby2_keywords (0.0.5)
    sax-machine (1.3.2)
    sequel (5.59.0)
    sinatra (2.2.2)
      mustermann (~> 2.0)
      rack (~> 2.2)
      rack-protection (= 2.2.2)
      tilt (~> 2.0)
    sqlite3 (1.6.4-aarch64-linux)
    sqlite3 (1.6.4-x86_64-darwin)
    sqlite3 (1.6.4-x86_64-linux)
    tilt (2.0.11)
    webrick (1.8.1)
    whenever (1.0.0)
      chronic (>= 0.6.3)

PLATFORMS
  aarch64-linux
  x86_64-darwin-20
  x86_64-linux

DEPENDENCIES
  dry-struct (~> 1.4)
  dry-types (~> 1.5)
  feedjira (~> 3.2)
  httparty (~> 0.20.0)
  nokogiri (~> 1.13)
  puma (~> 5.6)
  rackup
  rake (~> 13.0)
  rss (~> 0.2.9)
  sequel (~> 5.59)
  sinatra (~> 2.2)
  sqlite3 (~> 1.6)
  whenever (~> 1.0)

RUBY VERSION
   ruby 3.0.4p208

BUNDLED WITH
   2.3.12
